{
"_id":"sub-219_bids_datalad",
"_rev":"1-3822f7256d441bbf0a9e4d2b8a74225f",
"dataset_description.json":{"Acknowledgements":"TODO: whom you want to acknowledge","Authors":["TODO:","First1 Last1","First2 Last2","..."],"BIDSVersion":"1.0.1","DatasetDOI":"TODO: eventually a DOI for the dataset","Funding":["TODO","GRANT #1","GRANT #2"],"HowToAcknowledge":"TODO: describe how to acknowledge -- either cite a corresponding paper, or just in acknowledgement section","License":"TODO: choose a license, e.g. PDDL (http://opendatacommons.org/licenses/pddl/)","Name":"TODO: name of the dataset","ReferencesAndLinks":["TODO","List of papers or websites"]},
"task-rest_bold.json":{"AcquisitionMatrixPE":84,"AcquisitionNumber":1,"BandwidthPerPixelPhaseEncode":42.017,"BaseResolution":88,"BodyPartExamined":"BRAIN","CogAtlasID":"TODO","ConsistencyInfo":"N4_VE11A_LATEST_20140830","ConversionSoftware":"dcm2niix","ConversionSoftwareVersion":"v1.0.20190410  GCC6.3.0","DerivedVendorReportedEchoSpacing":0.000566664,"DeviceSerialNumber":"45424","DwellTime":2.7e-06,"EchoTime":0.025,"EchoTrainLength":43,"EffectiveEchoSpacing":0.000283332,"FlipAngle":90,"ImageComments":"Reference_volume_for_motion_correction.","ImageType":["ORIGINAL","PRIMARY","M","ND","NORM","MOCO","MOSAIC"],"ImagingFrequency":123.239,"InPlanePhaseEncodingDirectionDICOM":"COL","InstitutionAddress":"North_Warren_Ave_1609_Tucson_Denver_US_85719","InstitutionName":"University_of_Arizona","InstitutionalDepartmentName":"Department","MRAcquisitionType":"2D","MagneticFieldStrength":3,"Manufacturer":"Siemens","ManufacturersModelName":"Skyra","Modality":"MR","ParallelReductionFactorInPlane":2,"PartialFourier":1,"PatientPosition":"HFS","PercentPhaseFOV":95.4545,"PhaseEncodingDirection":"j-","PhaseEncodingSteps":85,"PhaseResolution":1,"PixelBandwidth":2105,"ProcedureStepDescription":"Kielar_TMS","PulseSequenceDetails":"%SiemensSeq%_ep2d_bold","ReceiveCoilActiveElements":"HEA;HEP","ReceiveCoilName":"Head_32","ReconMatrixPE":84,"RefLinesPE":24,"RepetitionTime":2,"ScanOptions":"FS","ScanningSequence":"EP","SequenceName":"_epfid2d1_84","SequenceVariant":"SK_OSP","SeriesDescription":"MoCoSeries","SliceThickness":2.5,"SoftwareVersions":"syngo_MR_E11","SpacingBetweenSlices":3.5,"StationName":"AWP45424","TaskName":"TODO: full task name for rest","TotalReadoutTime":0.0235166},
"CHANGES":"0.0.1  Initial data acquired\nTODOs:\n\t- verify and possibly extend information in participants.tsv (see for example http://datasets.datalad.org/?dir=/openfmri/ds000208)\n\t- fill out dataset_description.json, README, sourcedata/README (if present)\n\t- provide _events.tsv file for each _bold.nii.gz with onsets of events (see  '8.5 Task events'  of BIDS specification)",
"code":{"convertall.py":{"_DataLink_":"https://neurojson.org/io/stat.cgi?action=get&db=datalad-registry&doc=sub-219_bids_datalad&size=3789&file=code%2fconvertall.py%a"},"__pycache__":{"convertall.cpython-36.pyc":{"_DataLink_":"https://neurojson.org/io/stat.cgi?action=get&db=datalad-registry&doc=sub-219_bids_datalad&size=2054&file=code%2f__pycache__%2fconvertall.cpython-36.pyc%a"}}},
"participants.tsv":{"participant_id":["sub-219"],"age":[54],"sex":["F"],"group":["control"]},
"README":"TODO: Provide description for the dataset -- basic details about the study, possibly pointing to pre-registration (if public or embargoed)",
"sub-219":{"ses-itbs":{"anat":{"sub-219_ses-itbs_acq-tse_T2w1.json":{"AcquisitionMatrixPE":144,"AcquisitionNumber":1,"AcquisitionTime":"11:17:49.375000","BaseResolution":256,"BodyPartExamined":"BRAIN","ConsistencyInfo":"N4_VE11A_LATEST_20140830","ConversionSoftware":"dcm2niix","ConversionSoftwareVersion":"v1.0.20190410  GCC6.3.0","DeviceSerialNumber":"45424","DwellTime":9.7e-06,"EchoNumber":1,"EchoTime":0.021,"EchoTrainLength":16,"FlipAngle":153,"ImageOrientationPatientDICOM":[0.997329,0.0481221,-0.0549494,-0.0501735,0.99807,-0.0365837],"ImageType":["ORIGINAL","PRIMARY","M","ND","NORM"],"ImagingFrequency":123.239,"InPlanePhaseEncodingDirectionDICOM":"ROW","InstitutionAddress":"North_Warren_Ave_1609_Tucson_Denver_US_85719","InstitutionName":"University_of_Arizona","InstitutionalDepartmentName":"Department","MRAcquisitionType":"2D","MagneticFieldStrength":3,"Manufacturer":"Siemens","ManufacturersModelName":"Skyra","Modality":"MR","ParallelReductionFactorInPlane":2,"PartialFourier":1,"PatientPosition":"HFS","PercentPhaseFOV":75,"PhaseEncodingDirection":"i","PhaseEncodingSteps":143,"PhaseResolution":0.75,"PixelBandwidth":200,"ProcedureStepDescription":"Kielar_TMS","ProtocolName":"AX_DE_TSE","PulseSequenceDetails":"%SiemensSeq%_tse","ReceiveCoilActiveElements":"HEA;HEP","ReceiveCoilName":"Head_32","ReconMatrixPE":192,"RefLinesPE":31,"RepetitionTime":6,"SAR":0.880561,"ScanOptions":"FS","ScanningSequence":"SE","SequenceName":"_tse2d2rs8","SequenceVariant":"SK_SP","SeriesDescription":"AX_DE_TSE","SeriesNumber":14,"ShimSetting":[7559,-13919,14805,-27,338,-498,-379,-93],"SliceThickness":3,"SoftwareVersions":"syngo_MR_E11","SpacingBetweenSlices":3,"StationName":"AWP45424","TxRefAmp":336.357},"sub-219_ses-itbs_acq-tse_T2w2.json":{"AcquisitionMatrixPE":144,"AcquisitionNumber":1,"AcquisitionTime":"11:17:49.470000","BaseResolution":256,"BodyPartExamined":"BRAIN","ConsistencyInfo":"N4_VE11A_LATEST_20140830","ConversionSoftware":"dcm2niix","ConversionSoftwareVersion":"v1.0.20190410  GCC6.3.0","DeviceSerialNumber":"45424","DwellTime":9.7e-06,"EchoNumber":2,"EchoTime":0.117,"EchoTrainLength":16,"FlipAngle":153,"ImageOrientationPatientDICOM":[0.997329,0.0481221,-0.0549494,-0.0501735,0.99807,-0.0365837],"ImageType":["ORIGINAL","PRIMARY","M","ND","NORM"],"ImagingFrequency":123.239,"InPlanePhaseEncodingDirectionDICOM":"ROW","InstitutionAddress":"North_Warren_Ave_1609_Tucson_Denver_US_85719","InstitutionName":"University_of_Arizona","InstitutionalDepartmentName":"Department","MRAcquisitionType":"2D","MagneticFieldStrength":3,"Manufacturer":"Siemens","ManufacturersModelName":"Skyra","Modality":"MR","ParallelReductionFactorInPlane":2,"PartialFourier":1,"PatientPosition":"HFS","PercentPhaseFOV":75,"PhaseEncodingDirection":"i","PhaseEncodingSteps":143,"PhaseResolution":0.75,"PixelBandwidth":200,"ProcedureStepDescription":"Kielar_TMS","ProtocolName":"AX_DE_TSE","PulseSequenceDetails":"%SiemensSeq%_tse","ReceiveCoilActiveElements":"HEA;HEP","ReceiveCoilName":"Head_32","ReconMatrixPE":192,"RefLinesPE":31,"RepetitionTime":6,"SAR":0.880561,"ScanOptions":"FS","ScanningSequence":"SE","SequenceName":"_tse2d2rs8","SequenceVariant":"SK_SP","SeriesDescription":"AX_DE_TSE","SeriesNumber":14,"ShimSetting":[7559,-13919,14805,-27,338,-498,-379,-93],"SliceThickness":3,"SoftwareVersions":"syngo_MR_E11","SpacingBetweenSlices":3,"StationName":"AWP45424","TxRefAmp":336.357},"sub-219_ses-itbs_T1w.json":{"AcquisitionMatrixPE":256,"AcquisitionNumber":1,"AcquisitionTime":"11:11:22.442500","BaseResolution":256,"BodyPartExamined":"BRAIN","ConsistencyInfo":"N4_VE11A_LATEST_20140830","ConversionSoftware":"dcm2niix","ConversionSoftwareVersion":"v1.0.20190410  GCC6.3.0","DeviceSerialNumber":"45424","DwellTime":1.03e-05,"EchoTime":0.00233,"FlipAngle":12,"ImageOrientationPatientDICOM":[-0.0408288,0.999138,-0.00749368,-0.0543137,-0.00970819,-0.998477],"ImageType":["ORIGINAL","PRIMARY","M","ND","NORM"],"ImagingFrequency":123.239,"InPlanePhaseEncodingDirectionDICOM":"ROW","InstitutionAddress":"North_Warren_Ave_1609_Tucson_Denver_US_85719","InstitutionName":"University_of_Arizona","InstitutionalDepartmentName":"Department","InversionTime":1.1,"MRAcquisitionType":"3D","MagneticFieldStrength":3,"Manufacturer":"Siemens","ManufacturersModelName":"Skyra","Modality":"MR","PartialFourier":1,"PatientPosition":"HFS","PercentPhaseFOV":100,"PhaseEncodingSteps":255,"PhaseResolution":1,"PixelBandwidth":190,"ProcedureStepDescription":"Kielar_TMS","ProtocolName":"T1_mprage_1mm","PulseSequenceDetails":"%SiemensSeq%_tfl","ReceiveCoilActiveElements":"HEA;HEP","ReceiveCoilName":"Head_32","ReconMatrixPE":256,"RefLinesPE":24,"RepetitionTime":2.1,"SAR":0.122121,"ScanOptions":"IR","ScanningSequence":"GR_IR","SequenceName":"_tfl3d1_16ns","SequenceVariant":"SK_SP_MP","SeriesDescription":"T1_mprage_1mm","SeriesNumber":13,"ShimSetting":[7566,-13961,14768,-48,368,-669,-343,-93],"SliceThickness":1,"SoftwareVersions":"syngo_MR_E11","StationName":"AWP45424","TxRefAmp":336.357},"sub-219_ses-itbs_acq-tse_T2w1.nii.gz":{"_DataLink_":"https://neurojson.org/io/stat.cgi?action=get&db=datalad-registry&doc=sub-219_bids_datalad&file=sub-219/ses-itbs/anat/sub-219_ses-itbs_acq-tse_T2w1.nii.gz&size=2308616"},"sub-219_ses-itbs_acq-tse_T2w2.nii.gz":{"_DataLink_":"https://neurojson.org/io/stat.cgi?action=get&db=datalad-registry&doc=sub-219_bids_datalad&file=sub-219/ses-itbs/anat/sub-219_ses-itbs_acq-tse_T2w2.nii.gz&size=2053876"},"sub-219_ses-itbs_T1w.nii.gz":{"_DataLink_":"https://neurojson.org/io/stat.cgi?action=get&db=datalad-registry&doc=sub-219_bids_datalad&file=sub-219/ses-itbs/anat/sub-219_ses-itbs_T1w.nii.gz&size=9667894"}},"dwi":{"sub-219_ses-itbs_acq-AP_dwi.json":{"AcquisitionMatrixPE":128,"AcquisitionNumber":1,"AcquisitionTime":"11:20:2.702500","BandwidthPerPixelPhaseEncode":16.622,"BaseResolution":128,"BodyPartExamined":"BRAIN","ConsistencyInfo":"N4_VE11A_LATEST_20140830","ConversionSoftware":"dcm2niix","ConversionSoftwareVersion":"v1.0.20190410  GCC6.3.0","DerivedVendorReportedEchoSpacing":0.000940019,"DeviceSerialNumber":"45424","DiffusionScheme":"Bipolar","DwellTime":2.8e-06,"EchoTime":0.086,"EchoTrainLength":48,"EffectiveEchoSpacing":0.00047001,"FlipAngle":90,"ImageOrientationPatientDICOM":[0.999864,0.000481059,-0.0164859,-2.17565e-08,0.999575,0.0291664],"ImageType":["ORIGINAL","PRIMARY","DIFFUSION","NONE","ND","NORM","MOSAIC"],"ImagingFrequency":123.239,"InPlanePhaseEncodingDirectionDICOM":"COL","InstitutionAddress":"North_Warren_Ave_1609_Tucson_Denver_US_85719","InstitutionName":"University_of_Arizona","InstitutionalDepartmentName":"Department","MRAcquisitionType":"2D","MagneticFieldStrength":3,"Manufacturer":"Siemens","ManufacturersModelName":"Skyra","Modality":"MR","ParallelReductionFactorInPlane":2,"PartialFourier":0.75,"PatientPosition":"HFS","PercentPhaseFOV":100,"PhaseEncodingDirection":"j-","PhaseEncodingSteps":96,"PhaseResolution":1,"PixelBandwidth":1395,"ProcedureStepDescription":"Kielar_TMS","ProtocolName":"DTI_30_DIRs_A-P","PulseSequenceDetails":"%SiemensSeq%_ep2d_diff","ReceiveCoilActiveElements":"HEA;HEP","ReceiveCoilName":"Head_32","ReconMatrixPE":128,"RefLinesPE":32,"RepetitionTime":11.5,"SAR":0.361337,"ScanOptions":"PFP_FS","ScanningSequence":"EP","SequenceName":"_ep_b0","SequenceVariant":"SK_SP","SeriesDescription":"DTI_30_DIRs_A-P","SeriesNumber":15,"ShimSetting":[7558,-13913,14799,-40,334,-475,-361,-103],"SliceThickness":2,"SliceTiming":[5.74,0,5.895,0.155,6.05,0.31,6.205,0.465,6.36,0.62,6.515,0.775,6.67,0.93,6.825,1.085,6.98,1.24,7.135,1.395,7.29,1.55,7.445,1.705,7.6,1.86,7.755,2.015,7.91,2.17,8.065,2.325,8.22,2.48,8.375,2.6375,8.53,2.7925,8.6875,2.9475,8.8425,3.1025,8.9975,3.2575,9.1525,3.4125,9.3075,3.5675,9.4625,3.7225,9.6175,3.8775,9.7725,4.0325,9.9275,4.1875,10.0825,4.3425,10.2375,4.4975,10.3925,4.6525,10.5475,4.8075,10.7025,4.9625,10.8575,5.1175,11.0125,5.2725,11.1675,5.4275,11.3225,5.585],"SoftwareVersions":"syngo_MR_E11","SpacingBetweenSlices":2,"StationName":"AWP45424","TotalReadoutTime":0.0596912,"TxRefAmp":336.357},"sub-219_ses-itbs_acq-AP_dwi.bval":{"_ArrayType_":"single","_ArraySize_":[32],"_ArrayZipType_":"zlib","_ArrayZipSize_":[1,32],"_ArrayZipData_":"eJxjYACBKpeBwQwMAInTFkU="},"sub-219_ses-itbs_acq-AP_dwi.bvec":{"_ArrayType_":"single","_ArraySize_":[3,32],"_ArrayZipType_":"zlib","_ArrayZipSize_":[1,96],"_ArrayZipData_":"eJwBgAF//gAAAAD/6kG+yO1XPu/n1D6eCMq+ilpKvqdAWr+xUjm/jpXIvt6tOL9PkSe/M8ClvjyFrL5/3ii/5/56v+PDXL9ZuRu84yQku8L5JD9ih6E+ZhFaPnr/Pz4pziU/IJukPhVzUD4UI9M+3gU+P29LPD8ldVo/ck1ZP7Q5ej8AAAAAAAAAAAHeCj/OAAs/VmJOPm8tPz/H8nI/J/YEP+QwCD9px00+u4BHPmo0OT8kD3A/J4n9PryxAD/tmjA+ZAclPu3TNT/wbW4/24sAP4LJ/T5wXBa+C38WPpwwOT8wEHA/NbNyP3AlPz+xikc+jQoIP2soBT8ErCU+wawwPgAAAAAAAAAA7IZRvzcWUL8YB2O/5QwJv0F9e75g+269weLgvpDZZb+fHyq/VrlgPlH0AD4NAE0/KQcPP7z3wT1mvPU+0zA0P25ouj5/oRM/bCZPP3tJd78WoXg/Le10PjqTBj7rV3q+2J4Fv1whJL85Kte+sz8QvWvXAD+Fd/k9AAAAAPYjnAM="},"sub-219_ses-itbs_acq-AP_dwi.nii.gz":{"_DataLink_":"https://neurojson.org/io/stat.cgi?action=get&db=datalad-registry&doc=sub-219_bids_datalad&file=sub-219/ses-itbs/dwi/sub-219_ses-itbs_acq-AP_dwi.nii.gz&size=24088437"}},"fmap":{"sub-219_ses-itbs_dir-PA_epi.json":{"AcquisitionMatrixPE":128,"AcquisitionNumber":1,"AcquisitionTime":"11:26:49.335000","BandwidthPerPixelPhaseEncode":16.622,"BaseResolution":128,"BodyPartExamined":"BRAIN","ConsistencyInfo":"N4_VE11A_LATEST_20140830","ConversionSoftware":"dcm2niix","ConversionSoftwareVersion":"v1.0.20190410  GCC6.3.0","DerivedVendorReportedEchoSpacing":0.000940019,"DeviceSerialNumber":"45424","DiffusionScheme":"Bipolar","DwellTime":2.8e-06,"EchoTime":0.086,"EchoTrainLength":48,"EffectiveEchoSpacing":0.00047001,"FlipAngle":90,"ImageOrientationPatientDICOM":[0.999864,0.000481059,-0.0164859,-2.17565e-08,0.999575,0.0291664],"ImageType":["ORIGINAL","PRIMARY","DIFFUSION","NONE","ND","NORM"],"ImagingFrequency":123.239,"InPlanePhaseEncodingDirectionDICOM":"COL","InstitutionAddress":"North_Warren_Ave_1609_Tucson_Denver_US_85719","InstitutionName":"University_of_Arizona","InstitutionalDepartmentName":"Department","MRAcquisitionType":"2D","MagneticFieldStrength":3,"Manufacturer":"Siemens","ManufacturersModelName":"Skyra","Modality":"MR","ParallelReductionFactorInPlane":2,"PartialFourier":0.75,"PatientPosition":"HFS","PercentPhaseFOV":100,"PhaseEncodingDirection":"j","PhaseEncodingSteps":96,"PhaseResolution":1,"PixelBandwidth":1395,"ProcedureStepDescription":"Kielar_TMS","ProtocolName":"Bzero_verify_P-A","PulseSequenceDetails":"%SiemensSeq%_ep2d_diff","ReceiveCoilActiveElements":"HEA;HEP","ReceiveCoilName":"Head_32","ReconMatrixPE":128,"RefLinesPE":32,"RepetitionTime":11.5,"SAR":0.353412,"ScanOptions":"PFP_FS","ScanningSequence":"EP","SequenceName":"_ep_b0","SequenceVariant":"SK_SP","SeriesDescription":"Bzero_verify_P-A","SeriesNumber":17,"ShimSetting":[7558,-13913,14799,-40,334,-475,-361,-103],"SliceThickness":2,"SoftwareVersions":"syngo_MR_E11","SpacingBetweenSlices":2,"StationName":"AWP45424","TotalReadoutTime":0.0596912,"TxRefAmp":336.357},"sub-219_ses-itbs_magnitude1.json":{"AcquisitionMatrixPE":80,"AcquisitionNumber":1,"AcquisitionTime":"11:33:49.357500","BaseResolution":80,"BodyPartExamined":"BRAIN","ConsistencyInfo":"N4_VE11A_LATEST_20140830","ConversionSoftware":"dcm2niix","ConversionSoftwareVersion":"v1.0.20190410  GCC6.3.0","DeviceSerialNumber":"45424","DwellTime":2.08e-05,"EchoNumber":1,"EchoTime":0.00492,"FlipAngle":90,"ImageOrientationPatientDICOM":[1,0,0,0,1,0],"ImageType":["ORIGINAL","PRIMARY","M","ND","NORM"],"ImagingFrequency":123.239,"InPlanePhaseEncodingDirectionDICOM":"COL","InstitutionAddress":"North_Warren_Ave_1609_Tucson_Denver_US_85719","InstitutionName":"University_of_Arizona","InstitutionalDepartmentName":"Department","MRAcquisitionType":"2D","MagneticFieldStrength":3,"Manufacturer":"Siemens","ManufacturersModelName":"Skyra","Modality":"MR","PartialFourier":1,"PatientPosition":"HFS","PercentPhaseFOV":100,"PhaseEncodingDirection":"j-","PhaseEncodingSteps":80,"PhaseResolution":1,"PixelBandwidth":300,"ProcedureStepDescription":"Kielar_TMS","ProtocolName":"field_mapping","PulseSequenceDetails":"%SiemensSeq%_gre_field_mapping","ReceiveCoilActiveElements":"HEA;HEP","ReceiveCoilName":"Head_32","ReconMatrixPE":80,"RepetitionTime":0.625,"SAR":0.23655,"ScanningSequence":"GR","SequenceName":"_fm2d2r","SequenceVariant":"SP","SeriesDescription":"field_mapping","SeriesNumber":20,"ShimSetting":[7557,-13887,14798,-47,324,-409,-286,-102],"SliceThickness":3,"SoftwareVersions":"syngo_MR_E11","SpacingBetweenSlices":4.2,"StationName":"AWP45424","TxRefAmp":336.357},"sub-219_ses-itbs_magnitude2.json":{"AcquisitionMatrixPE":80,"AcquisitionNumber":1,"AcquisitionTime":"11:33:49.985000","BaseResolution":80,"BodyPartExamined":"BRAIN","ConsistencyInfo":"N4_VE11A_LATEST_20140830","ConversionSoftware":"dcm2niix","ConversionSoftwareVersion":"v1.0.20190410  GCC6.3.0","DeviceSerialNumber":"45424","DwellTime":2.08e-05,"EchoNumber":2,"EchoTime":0.00738,"FlipAngle":90,"ImageOrientationPatientDICOM":[1,0,0,0,1,0],"ImageType":["ORIGINAL","PRIMARY","M","ND","NORM"],"ImagingFrequency":123.239,"InPlanePhaseEncodingDirectionDICOM":"COL","InstitutionAddress":"North_Warren_Ave_1609_Tucson_Denver_US_85719","InstitutionName":"University_of_Arizona","InstitutionalDepartmentName":"Department","MRAcquisitionType":"2D","MagneticFieldStrength":3,"Manufacturer":"Siemens","ManufacturersModelName":"Skyra","Modality":"MR","PartialFourier":1,"PatientPosition":"HFS","PercentPhaseFOV":100,"PhaseEncodingDirection":"j-","PhaseEncodingSteps":80,"PhaseResolution":1,"PixelBandwidth":300,"ProcedureStepDescription":"Kielar_TMS","ProtocolName":"field_mapping","PulseSequenceDetails":"%SiemensSeq%_gre_field_mapping","ReceiveCoilActiveElements":"HEA;HEP","ReceiveCoilName":"Head_32","ReconMatrixPE":80,"RepetitionTime":0.625,"SAR":0.23655,"ScanningSequence":"GR","SequenceName":"_fm2d2r","SequenceVariant":"SP","SeriesDescription":"field_mapping","SeriesNumber":20,"ShimSetting":[7557,-13887,14798,-47,324,-409,-286,-102],"SliceThickness":3,"SoftwareVersions":"syngo_MR_E11","SpacingBetweenSlices":4.2,"StationName":"AWP45424","TxRefAmp":336.357},"sub-219_ses-itbs_phasediff.json":{"AcquisitionMatrixPE":80,"AcquisitionNumber":1,"AcquisitionTime":"11:33:49.985000","BaseResolution":80,"BodyPartExamined":"BRAIN","ConsistencyInfo":"N4_VE11A_LATEST_20140830","ConversionSoftware":"dcm2niix","ConversionSoftwareVersion":"v1.0.20190410  GCC6.3.0","DeviceSerialNumber":"45424","DwellTime":2.08e-05,"EchoNumber":2,"EchoTime":0.00738,"EchoTime1":0.00492,"EchoTime2":0.00738,"FlipAngle":90,"ImageOrientationPatientDICOM":[1,0,0,0,1,0],"ImageType":["ORIGINAL","PRIMARY","P","ND"],"ImagingFrequency":123.239,"InPlanePhaseEncodingDirectionDICOM":"COL","InstitutionAddress":"North_Warren_Ave_1609_Tucson_Denver_US_85719","InstitutionName":"University_of_Arizona","InstitutionalDepartmentName":"Department","MRAcquisitionType":"2D","MagneticFieldStrength":3,"Manufacturer":"Siemens","ManufacturersModelName":"Skyra","Modality":"MR","PartialFourier":1,"PatientPosition":"HFS","PercentPhaseFOV":100,"PhaseEncodingDirection":"j-","PhaseEncodingSteps":80,"PhaseResolution":1,"PixelBandwidth":300,"ProcedureStepDescription":"Kielar_TMS","ProtocolName":"field_mapping","PulseSequenceDetails":"%SiemensSeq%_gre_field_mapping","ReceiveCoilActiveElements":"HEA;HEP","ReceiveCoilName":"Head_32","ReconMatrixPE":80,"RepetitionTime":0.625,"SAR":0.23655,"ScanningSequence":"GR","SequenceName":"_fm2d2r","SequenceVariant":"SP","SeriesDescription":"field_mapping","SeriesNumber":21,"ShimSetting":[7557,-13887,14798,-47,324,-409,-286,-102],"SliceThickness":3,"SoftwareVersions":"syngo_MR_E11","SpacingBetweenSlices":4.2,"StationName":"AWP45424","TxRefAmp":336.357},"sub-219_ses-itbs_dir-PA_epi.nii.gz":{"_DataLink_":"https://neurojson.org/io/stat.cgi?action=get&db=datalad-registry&doc=sub-219_bids_datalad&file=sub-219/ses-itbs/fmap/sub-219_ses-itbs_dir-PA_epi.nii.gz&size=1765856"},"sub-219_ses-itbs_magnitude1.nii.gz":{"_DataLink_":"https://neurojson.org/io/stat.cgi?action=get&db=datalad-registry&doc=sub-219_bids_datalad&file=sub-219/ses-itbs/fmap/sub-219_ses-itbs_magnitude1.nii.gz&size=184752"},"sub-219_ses-itbs_magnitude2.nii.gz":{"_DataLink_":"https://neurojson.org/io/stat.cgi?action=get&db=datalad-registry&doc=sub-219_bids_datalad&file=sub-219/ses-itbs/fmap/sub-219_ses-itbs_magnitude2.nii.gz&size=175758"},"sub-219_ses-itbs_phasediff.nii.gz":{"_DataLink_":"https://neurojson.org/io/stat.cgi?action=get&db=datalad-registry&doc=sub-219_bids_datalad&file=sub-219/ses-itbs/fmap/sub-219_ses-itbs_phasediff.nii.gz&size=332152"}},"func":{"sub-219_ses-itbs_acq-asl_run-01.json":{"AcquisitionMatrixPE":63,"AcquisitionNumber":2,"AcquisitionTime":"11:36:40.975000","BaseResolution":64,"BodyPartExamined":"BRAIN","BolusDuration":700,"ConsistencyInfo":"N4_VE11A_LATEST_20140830","ConversionSoftware":"dcm2niix","ConversionSoftwareVersion":"v1.0.20190410  GCC6.3.0","DeviceSerialNumber":"45424","DwellTime":1.04e-05,"EchoTime":0.03634,"EchoTrainLength":21,"FlipAngle":180,"ImageComments":"Perfusion_Weighted_Image_(FQ2T)","ImageOrientationPatientDICOM":[0.997643,0.0402759,-0.0555557,-0.0432091,0.997678,-0.0526487],"ImageType":["DERIVED","PRIMARY","ASL","ND","NORM","SUB","TTEST","MOSAIC"],"ImagingFrequency":123.239,"InPlanePhaseEncodingDirectionDICOM":"COL","InstitutionAddress":"North_Warren_Ave_1609_Tucson_Denver_US_85719","InstitutionName":"University_of_Arizona","InstitutionalDepartmentName":"Department","InversionTime1":1990,"MRAcquisitionType":"3D","MagneticFieldStrength":3,"Manufacturer":"Siemens","ManufacturersModelName":"Skyra","Modality":"MR","MultibandAccelerationFactor":40,"PartialFourier":1,"PatientPosition":"HFS","PercentPhaseFOV":100,"PhaseEncodingSteps":84,"PhaseOversampling":0.1,"PhaseResolution":0.984375,"PixelBandwidth":750,"ProcedureStepDescription":"Kielar_TMS","ProtocolName":"ASL_3D_tra_iso","PulseSequenceDetails":"%SiemensSeq%_tgse_pasl","RawImage":false,"ReceiveCoilActiveElements":"HEA;HEP","ReceiveCoilName":"Head_32","ReconMatrixPE":64,"RepetitionTime":5,"SAR":0.286778,"SaturationStopTime":1990,"ScanOptions":"FS","ScanningSequence":"EP","SequenceName":"_tgse3d1_13608","SequenceVariant":"SK_OSP","SeriesDescription":"Perfusion_Weighted","SeriesNumber":23,"ShimSetting":[7551,-13891,14810,-22,295,-438,-349,-95],"SliceThickness":3,"SoftwareVersions":"syngo_MR_E11","SpacingBetweenSlices":3,"StationName":"AWP45424","TxRefAmp":336.357},"sub-219_ses-itbs_acq-asl_run-02.json":{"AcquisitionMatrixPE":63,"AcquisitionNumber":2,"AcquisitionTime":"13:22:51.470000","BaseResolution":64,"BodyPartExamined":"BRAIN","BolusDuration":700,"ConsistencyInfo":"N4_VE11A_LATEST_20140830","ConversionSoftware":"dcm2niix","ConversionSoftwareVersion":"v1.0.20190410  GCC6.3.0","DeviceSerialNumber":"45424","DwellTime":1.04e-05,"EchoTime":0.03634,"EchoTrainLength":21,"FlipAngle":180,"ImageComments":"Perfusion_Weighted_Image_(FQ2T)","ImageOrientationPatientDICOM":[0.99994,-0.0087465,0.00657189,0.00837728,0.998492,0.0542506],"ImageType":["DERIVED","PRIMARY","ASL","ND","NORM","SUB","TTEST","MOSAIC"],"ImagingFrequency":123.239,"InPlanePhaseEncodingDirectionDICOM":"COL","InstitutionAddress":"North_Warren_Ave_1609_Tucson_Denver_US_85719","InstitutionName":"University_of_Arizona","InstitutionalDepartmentName":"Department","InversionTime1":1990,"MRAcquisitionType":"3D","MagneticFieldStrength":3,"Manufacturer":"Siemens","ManufacturersModelName":"Skyra","Modality":"MR","MultibandAccelerationFactor":40,"PartialFourier":1,"PatientPosition":"HFS","PercentPhaseFOV":100,"PhaseEncodingSteps":84,"PhaseOversampling":0.1,"PhaseResolution":0.984375,"PixelBandwidth":750,"ProcedureStepDescription":"Kielar_TMS","ProtocolName":"Post_TMS_ASL_3D_tra_iso","PulseSequenceDetails":"%SiemensSeq%_tgse_pasl","RawImage":false,"ReceiveCoilActiveElements":"HEA;HEP","ReceiveCoilName":"Head_32","ReconMatrixPE":64,"RepetitionTime":5,"SAR":0.250156,"SaturationStopTime":1990,"ScanOptions":"FS","ScanningSequence":"EP","SequenceName":"_tgse3d1_13608","SequenceVariant":"SK_OSP","SeriesDescription":"Perfusion_Weighted","SeriesNumber":33,"ShimSetting":[7561,-13934,14806,39,299,-387,-218,-142],"SliceThickness":3,"SoftwareVersions":"syngo_MR_E11","SpacingBetweenSlices":3,"StationName":"AWP45424","TxRefAmp":323.215},"sub-219_ses-itbs_task-rest_run-01_bold.json":{"AcquisitionMatrixPE":84,"AcquisitionNumber":1,"AcquisitionTime":"11:27:49.575000","BandwidthPerPixelPhaseEncode":42.017,"BaseResolution":88,"BodyPartExamined":"BRAIN","ConsistencyInfo":"N4_VE11A_LATEST_20140830","ConversionSoftware":"dcm2niix","ConversionSoftwareVersion":"v1.0.20190410  GCC6.3.0","DerivedVendorReportedEchoSpacing":0.000566664,"DeviceSerialNumber":"45424","DwellTime":2.7e-06,"EchoTime":0.025,"EchoTrainLength":43,"EffectiveEchoSpacing":0.000283332,"FlipAngle":90,"ImageComments":"Reference_volume_for_motion_correction.","ImageOrientationPatientDICOM":[1,0,0,0,1,0],"ImageType":["ORIGINAL","PRIMARY","M","ND","NORM","MOCO","MOSAIC"],"ImagingFrequency":123.239,"InPlanePhaseEncodingDirectionDICOM":"COL","InstitutionAddress":"North_Warren_Ave_1609_Tucson_Denver_US_85719","InstitutionName":"University_of_Arizona","InstitutionalDepartmentName":"Department","MRAcquisitionType":"2D","MagneticFieldStrength":3,"Manufacturer":"Siemens","ManufacturersModelName":"Skyra","Modality":"MR","ParallelReductionFactorInPlane":2,"PartialFourier":1,"PatientPosition":"HFS","PercentPhaseFOV":95.4545,"PhaseEncodingDirection":"j-","PhaseEncodingSteps":85,"PhaseResolution":1,"PixelBandwidth":2105,"ProcedureStepDescription":"Kielar_TMS","ProtocolName":"restingstate_MoCo","PulseSequenceDetails":"%SiemensSeq%_ep2d_bold","ReceiveCoilActiveElements":"HEA;HEP","ReceiveCoilName":"Head_32","ReconMatrixPE":84,"RefLinesPE":24,"RepetitionTime":2,"SAR":0.152693,"ScanOptions":"FS","ScanningSequence":"EP","SequenceName":"_epfid2d1_84","SequenceVariant":"SK_OSP","SeriesDescription":"MoCoSeries","SeriesNumber":19,"ShimSetting":[7564,-13886,14785,-92,361,-404,-317,-108],"SliceThickness":2.5,"SliceTiming":[0.99,0,1.0525,0.0625,1.115,0.125,1.175,0.185,1.2375,0.2475,1.3,0.31,1.3625,0.3725,1.4225,0.4325,1.485,0.495,1.5475,0.5575,1.6075,0.62,1.67,0.68,1.7325,0.7425,1.795,0.805,1.855,0.8675,1.9175,0.9275],"SoftwareVersions":"syngo_MR_E11","SpacingBetweenSlices":3.5,"StationName":"AWP45424","TaskName":"rest","TotalReadoutTime":0.0235166,"TxRefAmp":336.357},"sub-219_ses-itbs_task-rest_run-02_bold.json":{"AcquisitionMatrixPE":84,"AcquisitionNumber":1,"AcquisitionTime":"13:15:47.457500","BandwidthPerPixelPhaseEncode":42.017,"BaseResolution":88,"BodyPartExamined":"BRAIN","ConsistencyInfo":"N4_VE11A_LATEST_20140830","ConversionSoftware":"dcm2niix","ConversionSoftwareVersion":"v1.0.20190410  GCC6.3.0","DerivedVendorReportedEchoSpacing":0.000566664,"DeviceSerialNumber":"45424","DwellTime":2.7e-06,"EchoTime":0.025,"EchoTrainLength":43,"EffectiveEchoSpacing":0.000283332,"FlipAngle":90,"ImageComments":"Reference_volume_for_motion_correction.","ImageOrientationPatientDICOM":[0.999942,-0.0085722,0.00658136,0.00820274,0.998494,0.0542495],"ImageType":["ORIGINAL","PRIMARY","M","ND","NORM","MOCO","MOSAIC"],"ImagingFrequency":123.239,"InPlanePhaseEncodingDirectionDICOM":"COL","InstitutionAddress":"North_Warren_Ave_1609_Tucson_Denver_US_85719","InstitutionName":"University_of_Arizona","InstitutionalDepartmentName":"Department","MRAcquisitionType":"2D","MagneticFieldStrength":3,"Manufacturer":"Siemens","ManufacturersModelName":"Skyra","Modality":"MR","ParallelReductionFactorInPlane":2,"PartialFourier":1,"PatientPosition":"HFS","PercentPhaseFOV":95.4545,"PhaseEncodingDirection":"j-","PhaseEncodingSteps":85,"PhaseResolution":1,"PixelBandwidth":2105,"ProcedureStepDescription":"Kielar_TMS","ProtocolName":"Post_TMS_restingstate_MoCo","PulseSequenceDetails":"%SiemensSeq%_ep2d_bold","ReceiveCoilActiveElements":"HEA;HEP","ReceiveCoilName":"Head_32","ReconMatrixPE":84,"RefLinesPE":24,"RepetitionTime":2,"SAR":0.132181,"ScanOptions":"FS","ScanningSequence":"EP","SequenceName":"_epfid2d1_84","SequenceVariant":"SK_OSP","SeriesDescription":"MoCoSeries","SeriesNumber":31,"ShimSetting":[7561,-13930,14793,-6,309,-347,-87,-134],"SliceThickness":2.5,"SliceTiming":[0.99,0,1.0525,0.0625,1.1125,0.1225,1.175,0.185,1.2375,0.2475,1.3,0.31,1.36,0.37,1.4225,0.4325,1.485,0.495,1.5475,0.5575,1.6075,0.6175,1.67,0.68,1.7325,0.7425,1.795,0.805,1.855,0.865,1.9175,0.9275],"SoftwareVersions":"syngo_MR_E11","SpacingBetweenSlices":3.5,"StationName":"AWP45424","TaskName":"rest","TotalReadoutTime":0.0235166,"TxRefAmp":323.215},"sub-219_ses-itbs_acq-asl_run-01.nii.gz":{"_DataLink_":"https://neurojson.org/io/stat.cgi?action=get&db=datalad-registry&doc=sub-219_bids_datalad&file=sub-219/ses-itbs/func/sub-219_ses-itbs_acq-asl_run-01.nii.gz&size=128462"},"sub-219_ses-itbs_acq-asl_run-02.nii.gz":{"_DataLink_":"https://neurojson.org/io/stat.cgi?action=get&db=datalad-registry&doc=sub-219_bids_datalad&file=sub-219/ses-itbs/func/sub-219_ses-itbs_acq-asl_run-02.nii.gz&size=132608"},"sub-219_ses-itbs_task-rest_run-01_bold.nii.gz":{"_DataLink_":"https://neurojson.org/io/stat.cgi?action=get&db=datalad-registry&doc=sub-219_bids_datalad&file=sub-219/ses-itbs/func/sub-219_ses-itbs_task-rest_run-01_bold.nii.gz&size=42003750"},"sub-219_ses-itbs_task-rest_run-01_events.tsv":{},"sub-219_ses-itbs_task-rest_run-02_bold.nii.gz":{"_DataLink_":"https://neurojson.org/io/stat.cgi?action=get&db=datalad-registry&doc=sub-219_bids_datalad&file=sub-219/ses-itbs/func/sub-219_ses-itbs_task-rest_run-02_bold.nii.gz&size=43158209"},"sub-219_ses-itbs_task-rest_run-02_events.tsv":{}},"sub-219_ses-itbs_scans.json":{"filename":{"Description":"Name of the nifti file"},"acq_time":{"LongName":"Acquisition time","Description":"Acquisition time of the particular scan"},"operator":{"Description":"Name of the operator"},"randstr":{"LongName":"Random string","Description":"md5 hash of UIDs"}},"sub-219_ses-itbs_scans.tsv":{"_DataLink_":"https://neurojson.org/io/stat.cgi?action=get&db=datalad-registry&doc=sub-219_bids_datalad&file=sub-219/ses-itbs/sub-219_ses-itbs_scans.tsv&size=949"}}},
"_revs_info":[{"rev":"1-3822f7256d441bbf0a9e4d2b8a74225f","status":"available"}]
}
