{
"_id":"Toronto_VisMotionLocalizer_MR_raw",
"_rev":"1-8146ebbfb10e9a86c56f2db7ab375d44",
"dataset_description.json":{"Name":"Visual motion localizer","BIDSVersion":"1.7.0","Authors":["Mohamed Rezk","Stefania Mattioni","Oliver Collignon"]},
"task-visMotion_bold.json":{"Modality":"MR","MagneticFieldStrength":3,"ImagingFrequency":123.255,"Manufacturer":"Siemens","ManufacturersModelName":"Prisma_fit","InstitutionName":"York_MRI_Facility","InstitutionalDepartmentName":"Department","InstitutionAddress":"Keel_Street_4700_Toronto_Ontario_CA_M3J_1P3","DeviceSerialNumber":"167057","StationName":"MEDPC","BodyPartExamined":"BRAIN","PatientPosition":"HFS","ProcedureStepDescription":"Gao_Xiaoqing","SoftwareVersions":"syngo_MR_E11","MRAcquisitionType":"2D","SeriesDescription":"*mot_vis*","ProtocolName":"ep2d_bold_p2_s3_mot_vis_1","ScanningSequence":"EP","SequenceVariant":"SK","ScanOptions":"FS","SequenceName":"_epfid2d1_120","ImageType":["ORIGINAL","PRIMARY","M","ND","NORM","MOSAIC"],"SeriesNumber":5,"AcquisitionTime":"14:04:10.120000","AcquisitionNumber":1,"SliceThickness":2,"SpacingBetweenSlices":2,"SAR":0.0591978,"EchoTime":0.03,"RepetitionTime":1.17,"FlipAngle":66,"PartialFourier":1,"BaseResolution":120,"ShimSetting":[-294,6276,1268,390,-98,-135,-78,77],"TxRefAmp":278.998,"PhaseResolution":1,"ReceiveCoilName":"HeadNeck_64","ReceiveCoilActiveElements":"HC1-7","PulseSequenceDetails":"%SiemensSeq%_ep2d_bold","RefLinesPE":24,"ConsistencyInfo":"N4_VE11C_LATEST_20160120","MultibandAccelerationFactor":3,"PercentPhaseFOV":100,"EchoTrainLength":59,"PhaseEncodingSteps":119,"AcquisitionMatrixPE":120,"ReconMatrixPE":120,"BandwidthPerPixelPhaseEncode":24.51,"ParallelReductionFactorInPlane":2,"EffectiveEchoSpacing":0.000339997,"DerivedVendorReportedEchoSpacing":0.000679995,"TotalReadoutTime":0.0404597,"PixelBandwidth":1810,"DwellTime":2.3e-06,"PhaseEncodingDirection":"j-","SliceTiming":[0,0.61,0.0675,0.6775,0.135,0.745,0.205,0.8125,0.2725,0.88,0.34,0.9475,0.4075,1.015,0.475,1.0825,0.5425,0,0.61,0.0675,0.6775,0.135,0.745,0.205,0.8125,0.2725,0.88,0.34,0.9475,0.4075,1.015,0.475,1.0825,0.5425,0,0.61,0.0675,0.6775,0.135,0.745,0.205,0.8125,0.2725,0.88,0.34,0.9475,0.4075,1.015,0.475,1.0825,0.5425],"ImageOrientationPatientDICOM":[0.998572,-0.0129027,0.0518356,0.013072,0.99991,-0.00292881],"InPlanePhaseEncodingDirectionDICOM":"COL","ConversionSoftware":"dcm2niix","ConversionSoftwareVersion":"v1.0.20190410  Clang4.0.1","Dcm2bidsVersion":"2.1.4","TaskName":"visMotion"},
"CHANGES":"Revision history for BIDS dataset\n\n1.0.0 2019-10-17\n\n - Initialised study directory\n",
"code":{"create_dummy_data.sh":{"_DataLink_":"https://neurojson.org/io/stat.cgi?action=get&db=datalad-registry&doc=Toronto_VisMotionLocalizer_MR_raw&size=1250&file=code%2fcreate_dummy_data.sh%a"},"README.md":"# Preprocessing with fmriprep\n\n\n\n```bash\nraw=\"${PWD}/..\"\noutput=\"${raw}/../\"\nFS_license=~\"/Dropbox/Softwares/Freesurfer/License/license.txt\"\n\ndocker run -it --rm \\\n  --user $(id -u):$(id -g) \\\n  -v \"${raw}\":/data \\\n  -v \"${output}\":/out \\\n  -v \"$FS_license\":/license.txt \\\n  nipreps/fmriprep:21.0.2 \\\n    /data \\\n    /out \\\n    participant \\\n    --output-spaces MNI152NLin2009cAsym T1w:res-native \\\n    --fs-license-file /license.txt \\\n    --work-dir /out/tmp/ \\\n    --use-aroma\n```\n"},
"derivatives":{"additional":{"defacing":{"sub-con07_ses-01_T1w.nii.gz":{"_DataLink_":"https://neurojson.org/io/stat.cgi?action=get&db=datalad-registry&doc=Toronto_VisMotionLocalizer_MR_raw&file=derivatives/additional/defacing/sub-con07_ses-01_T1w.nii.gz&size=10693265"},"sub-con08_ses-01_T1w.nii.gz":{"_DataLink_":"https://neurojson.org/io/stat.cgi?action=get&db=datalad-registry&doc=Toronto_VisMotionLocalizer_MR_raw&file=derivatives/additional/defacing/sub-con08_ses-01_T1w.nii.gz&size=10549830"},"sub-con15_ses-01_T1w.nii.gz":{"_DataLink_":"https://neurojson.org/io/stat.cgi?action=get&db=datalad-registry&doc=Toronto_VisMotionLocalizer_MR_raw&file=derivatives/additional/defacing/sub-con15_ses-01_T1w.nii.gz&size=11462216"}}},"cpp_spm":{"reports":{"dataset_content.jpg":{"_DataLink_":"https://neurojson.org/io/stat.cgi?action=get&db=datalad-registry&doc=Toronto_VisMotionLocalizer_MR_raw&file=derivatives/cpp_spm/reports/dataset_content.jpg&size=19102"},"sub-con07":{"dataset-raw_bids-matlab_report.md":"\n# Data description\n\n\n### Anatomical Magnetic Resonance Imaging data\n\n#### T1-weighted image\n\nThe data acquisition was performed in the York_MRI_Facility, Department, Keel_Street_4700_Toronto_Ontario_CA_M3J_1P3.\n\nMRI scans were acquired at 3 Tesla using a Prisma_fit system from Siemens, with \nserial number 167057. The software version was syngo_MR_E11.\n\n{{PulseSequenceType}} GR_IR SK_SP_MP T1w structural MRI data were collected (256 \nslices; repetition time, TR= 2.3 s; echo time, TE= 0.00262 s; flip angle, FA= 9 \ndeg; field of view, FOV= 192 X 256 mm; matrix size= 192 X 256; voxel size= 1.00 \nX 1.00 X 1.00 mm).\n\n### Task-Based Magnetic Resonance Imaging data\n\n#### BOLD data\n\n##### Task visMotion data\n\nThe data acquisition was performed in the York_MRI_Facility, Department, Keel_Street_4700_Toronto_Ontario_CA_M3J_1P3.\n\nMRI scans were acquired at 3 Tesla using a Prisma_fit system from Siemens, with \nserial number 167057. The software version was syngo_MR_E11.\n\nFor the visMotion task, 1 run(s) of bold {{PulseSequenceType}} EP SK fMRI data were \ncollected. The acquisition parameters were: 51 slices acquired in a interleaved \nascending fashion; repetition time, TR= 1.17 s; echo time, TE= 0.03 s; flip \nangle, FA= 66 deg; field of view, FOV= 240 X 239 mm; matrix size= 120 X 120; voxel \nsize= 2.00 X 1.99 X 1.99 mm; multiband factor= 3; in-plane acceleration factor= \n{pr_str}}. Each run was 4.914 minutes in length, during which 252 functional \nvolumes were acquired.\n\n{{TaskDescription}} Participants were specifically instructed to: {{Instructions}}\n\n###### events data\n\nThis text was automatically generated by [BIDS-matlab](https://github.com/bids-standard/bids-matlab).\n\n"}}}},
"participants.tsv":{"participant_id":["sub-con07","sub-con08","sub-con15"]},
"README.md":"# Data description\n\nThis a light version of a visual motion localizer data set used for pratical\nsessions.\n\n## Content\n\n        Summary:                 Available Tasks:        Available Modalities:\n        16 Files, 547.4MB        visMotion               MRI\n        3 - Subjects\n        1 - Session\n\n![](derivatives/cpp_spm/reports/dataset_content.jpg)\n\n### Anatomical Magnetic Resonance Imaging data\n\n#### T1-weighted image\n\nThe data acquisition was performed in the York_MRI_Facility, Department,\nKeel_Street_4700_Toronto_Ontario_CA_M3J_1P3.\n\nMRI scans were acquired at 3 Tesla using a Prisma_fit system from Siemens, with\nserial number 167057. The software version was syngo_MR_E11.\n\n{{PulseSequenceType}} GR_IR SK_SP_MP T1w structural MRI data were collected (256\nslices; repetition time, TR= 2.3 s; echo time, TE= 0.00262 s; flip angle, FA= 9\ndeg; field of view, FOV= 192 X 256 mm; matrix size= 192 X 256; voxel size= 1.00\nX 1.00 X 1.00 mm).\n\n### Task-Based Magnetic Resonance Imaging data\n\n#### BOLD data\n\n##### Task visMotion data\n\nThe data acquisition was performed in the York_MRI_Facility, Department,\nKeel_Street_4700_Toronto_Ontario_CA_M3J_1P3.\n\nMRI scans were acquired at 3 Tesla using a Prisma_fit system from Siemens, with\nserial number 167057. The software version was syngo_MR_E11.\n\nFor the visMotion task, 1 run(s) of bold {{PulseSequenceType}} EP SK fMRI data\nwere collected. The acquisition parameters were: 51 slices acquired in a\ninterleaved ascending fashion; repetition time, TR= 1.17 s; echo time, TE= 0.03\ns; flip angle, FA= 66 deg; field of view, FOV= 240 X 239 mm; matrix size= 120 X\n120; voxel size= 2.00 X 1.99 X 1.99 mm; multiband factor= 3; in-plane\nacceleration factor= {pr_str}}. Each run was 4.914 minutes in length, during\nwhich 252 functional volumes were acquired.\n\n{{TaskDescription}} Participants were specifically instructed to:\n{{Instructions}}\n\n###### events data\n\nThis text was automatically generated by\n[BIDS-matlab](https://github.com/bids-standard/bids-matlab).\n",
"sub-con07":{"ses-01":{"anat":{"sub-con07_ses-01_T1w.json":{"Modality":"MR","MagneticFieldStrength":3,"ImagingFrequency":123.255,"Manufacturer":"Siemens","ManufacturersModelName":"Prisma_fit","InstitutionName":"York_MRI_Facility","InstitutionalDepartmentName":"Department","InstitutionAddress":"Keel_Street_4700_Toronto_Ontario_CA_M3J_1P3","DeviceSerialNumber":"167057","StationName":"MEDPC","BodyPartExamined":"BRAIN","PatientPosition":"HFS","ProcedureStepDescription":"Gao_Xiaoqing","SoftwareVersions":"syngo_MR_E11","MRAcquisitionType":"3D","SeriesDescription":"t1_mpr_sag_p2_iso_TR2300","ProtocolName":"t1_mpr_sag_p2_iso_TR2300","ScanningSequence":"GR_IR","SequenceVariant":"SK_SP_MP","ScanOptions":"IR","SequenceName":"_tfl3d1_16ns","ImageType":["ORIGINAL","PRIMARY","M","ND","NORM"],"SeriesNumber":39,"AcquisitionTime":"12:59:5.277500","AcquisitionNumber":1,"SliceThickness":1,"SAR":0.0493472,"EchoTime":0.00262,"RepetitionTime":2.3,"InversionTime":0.9,"FlipAngle":9,"PartialFourier":1,"BaseResolution":256,"ShimSetting":[-295,6279,999,64,-21,-14,-9,-8],"TxRefAmp":231.261,"PhaseResolution":1,"ReceiveCoilName":"HeadNeck_64","ReceiveCoilActiveElements":"HC1-7;NC1","PulseSequenceDetails":"%SiemensSeq%_tfl","RefLinesPE":24,"ConsistencyInfo":"N4_VE11C_LATEST_20160120","PercentPhaseFOV":100,"PhaseEncodingSteps":255,"AcquisitionMatrixPE":256,"ReconMatrixPE":256,"PixelBandwidth":160,"DwellTime":1.22e-05,"ImageOrientationPatientDICOM":[0.0181889,0.999835,5.28934e-08,0.0329183,-0.000598795,-0.999458],"InPlanePhaseEncodingDirectionDICOM":"ROW","ConversionSoftware":"dcm2niix","ConversionSoftwareVersion":"v1.0.20190410  Clang4.0.1","Dcm2bidsVersion":"2.1.4"},"sub-con07_ses-01_T1w.nii.gz":{"_DataLink_":"https://neurojson.org/io/stat.cgi?action=get&db=datalad-registry&doc=Toronto_VisMotionLocalizer_MR_raw&file=sub-con07/ses-01/anat/sub-con07_ses-01_T1w.nii.gz&size=8322082"}},"func":{"sub-con07_ses-01_task-visMotion_bold.nii.gz":{"_DataLink_":"https://neurojson.org/io/stat.cgi?action=get&db=datalad-registry&doc=Toronto_VisMotionLocalizer_MR_raw&file=sub-con07/ses-01/func/sub-con07_ses-01_task-visMotion_bold.nii.gz&size=182777316"},"sub-con07_ses-01_task-visMotion_events.tsv":{"onset":[2.05094056495,25.279598974972,48.4950427639997,71.7107557869749,94.9265863659675,118.141960233974,141.358334129967,164.573786641005,187.789552465954,211.605476167984,234.821074097999,258.03647250199],"duration":[15.2127993890317,15.1988385550212,15.1994479830028,15.1992550049908,15.1987145330058,15.1995733520016,15.1989790570224,15.1992126639816,15.798441490042,15.1990951239713,15.1992225339636,15.7986767389812],"trial_type":{"_EnumKey_":["VisMot","VisStat"],"_EnumValue_":{"_ArraySize_":12,"_ArrayType_":"uint8","_ArrayZipType_":"zlib","_ArrayZipSize_":12,"_ArrayZipData_":"eJxjZGKEQwAAfgAT\n"}}}}}},
"sub-con08":{"ses-01":{"anat":{"sub-con08_ses-01_T1w.json":{"Modality":"MR","MagneticFieldStrength":3,"ImagingFrequency":123.255,"Manufacturer":"Siemens","ManufacturersModelName":"Prisma_fit","InstitutionName":"York_MRI_Facility","InstitutionalDepartmentName":"Department","InstitutionAddress":"Keel_Street_4700_Toronto_Ontario_CA_M3J_1P3","DeviceSerialNumber":"167057","StationName":"MEDPC","BodyPartExamined":"BRAIN","PatientPosition":"HFS","ProcedureStepDescription":"Gao_Xiaoqing","SoftwareVersions":"syngo_MR_E11","MRAcquisitionType":"3D","SeriesDescription":"t1_mpr_sag_p2_iso_TR2300","ProtocolName":"t1_mpr_sag_p2_iso_TR2300","ScanningSequence":"GR_IR","SequenceVariant":"SK_SP_MP","ScanOptions":"IR","SequenceName":"_tfl3d1_16ns","ImageType":["ORIGINAL","PRIMARY","M","ND","NORM"],"SeriesNumber":33,"AcquisitionTime":"12:21:55.647500","AcquisitionNumber":1,"SliceThickness":1,"SAR":0.057993,"EchoTime":0.00262,"RepetitionTime":2.3,"InversionTime":0.9,"FlipAngle":9,"PartialFourier":1,"BaseResolution":256,"ShimSetting":[-295,6279,999,64,-21,-14,-9,-8],"TxRefAmp":214.818,"PhaseResolution":1,"ReceiveCoilName":"HeadNeck_64","ReceiveCoilActiveElements":"HC1-7;NC1","PulseSequenceDetails":"%SiemensSeq%_tfl","RefLinesPE":24,"ConsistencyInfo":"N4_VE11C_LATEST_20160120","PercentPhaseFOV":100,"PhaseEncodingSteps":255,"AcquisitionMatrixPE":256,"ReconMatrixPE":256,"PixelBandwidth":160,"DwellTime":1.22e-05,"ImageOrientationPatientDICOM":[0.0890082,0.996031,-9.8239e-09,0.0165782,-0.00148149,-0.999861],"InPlanePhaseEncodingDirectionDICOM":"ROW","ConversionSoftware":"dcm2niix","ConversionSoftwareVersion":"v1.0.20190410  Clang4.0.1","Dcm2bidsVersion":"2.1.4"},"sub-con08_ses-01_T1w.nii.gz":{"_DataLink_":"https://neurojson.org/io/stat.cgi?action=get&db=datalad-registry&doc=Toronto_VisMotionLocalizer_MR_raw&file=sub-con08/ses-01/anat/sub-con08_ses-01_T1w.nii.gz&size=8171564"}},"func":{"sub-con08_ses-01_task-visMotion_bold.nii.gz":{"_DataLink_":"https://neurojson.org/io/stat.cgi?action=get&db=datalad-registry&doc=Toronto_VisMotionLocalizer_MR_raw&file=sub-con08/ses-01/func/sub-con08_ses-01_task-visMotion_bold.nii.gz&size=177238217"},"sub-con08_ses-01_task-visMotion_events.tsv":{"onset":[2.02600738399997,25.2633098730003,48.4788574479999,71.6946082000004,94.9096511959997,118.726101128,142.541927583,166.357443889,190.173288643,213.988987145,237.204706592,260.420419984],"duration":[15.2214790409998,15.1980667990001,15.1991603890001,15.1986820239999,15.7998590860007,15.7990989810005,15.7986394219997,15.7991598150002,15.798236736,15.199203272,15.1991573760006,15.7984942030007],"trial_type":{"_EnumKey_":["VisStat","VisMot"],"_EnumValue_":{"_ArraySize_":12,"_ArrayType_":"uint8","_ArrayZipType_":"zlib","_ArrayZipSize_":12,"_ArrayZipData_":"eJxjZGKEQwAAfgAT\n"}}}}}},
"sub-con15":{"ses-01":{"anat":{"sub-con15_ses-01_T1w.json":{"Modality":"MR","MagneticFieldStrength":3,"ImagingFrequency":123.255,"Manufacturer":"Siemens","ManufacturersModelName":"Prisma_fit","InstitutionName":"York_MRI_Facility","InstitutionAddress":"Keel_Street_4700_Toronto_Ontario_CA_M3J_1P3","DeviceSerialNumber":"167057","StationName":"MEDPC","BodyPartExamined":"BRAIN","PatientPosition":"HFS","ProcedureStepDescription":"Gao_Xiaoqing","SoftwareVersions":"syngo_MR_E11","MRAcquisitionType":"3D","SeriesDescription":"t1_mpr_sag_p2_iso_TR2300","ProtocolName":"t1_mpr_sag_p2_iso_TR2300","ScanningSequence":"GR_IR","SequenceVariant":"SK_SP_MP","ScanOptions":"IR","SequenceName":"_tfl3d1_16ns","ImageType":["ORIGINAL","PRIMARY","M","ND","NORM"],"SeriesNumber":39,"AcquisitionTime":"10:43:5.270000","AcquisitionNumber":1,"SliceThickness":1,"SAR":0.0547614,"EchoTime":0.00262,"RepetitionTime":2.3,"InversionTime":0.9,"FlipAngle":9,"PartialFourier":1,"BaseResolution":256,"ShimSetting":[-295,6279,999,64,-21,-14,-9,-8],"TxRefAmp":251.669,"PhaseResolution":1,"ReceiveCoilName":"HeadNeck_64","ReceiveCoilActiveElements":"HC1-7;NC1","PulseSequenceDetails":"%SiemensSeq%_tfl","RefLinesPE":24,"ConsistencyInfo":"N4_VE11C_LATEST_20160120","PercentPhaseFOV":100,"PhaseEncodingSteps":255,"AcquisitionMatrixPE":256,"ReconMatrixPE":256,"PixelBandwidth":160,"ImageOrientationPatientDICOM":[0.0442463,0.999021,2.20176e-08,0.00507472,-0.000224735,-0.999987],"InPlanePhaseEncodingDirectionDICOM":"ROW","ConversionSoftware":"dcm2niix","ConversionSoftwareVersion":"v1.0.20190410  Clang4.0.1","Dcm2bidsVersion":"2.1.4"},"sub-con15_ses-01_T1w.nii.gz":{"_DataLink_":"https://neurojson.org/io/stat.cgi?action=get&db=datalad-registry&doc=Toronto_VisMotionLocalizer_MR_raw&file=sub-con15/ses-01/anat/sub-con15_ses-01_T1w.nii.gz&size=9107525"}},"func":{"sub-con15_ses-01_task-visMotion_bold.nii.gz":{"_DataLink_":"https://neurojson.org/io/stat.cgi?action=get&db=datalad-registry&doc=Toronto_VisMotionLocalizer_MR_raw&file=sub-con15/ses-01/func/sub-con15_ses-01_task-visMotion_bold.nii.gz&size=188362768"},"sub-con15_ses-01_task-visMotion_events.tsv":{"onset":[2.05461248802021,25.2949927230366,48.5272884629667,71.7429542470491,95.5586918060435,118.774593565962,141.990395789966,165.205632827012,188.421896441956,211.637688862043,234.853484245948,258.669235319016],"duration":[15.224588671932,15.2156644829083,15.1995687549934,15.7992415679619,15.1992259919643,15.1991564760683,15.1991394120269,15.1991960320156,15.1991633319994,15.1991665079258,15.7991004399955,15.1990706470096],"trial_type":{"_EnumKey_":["VisMot","VisStat"],"_EnumValue_":{"_ArraySize_":12,"_ArrayType_":"uint8","_ArrayZipType_":"zlib","_ArrayZipSize_":12,"_ArrayZipData_":"eJxjZGKEQwAAfgAT\n"}}}}}},
"_revs_info":[{"rev":"1-8146ebbfb10e9a86c56f2db7ab375d44","status":"available"}]
}
